GEM
  remote: https://rubygems.org/
  specs:
    builder (3.2.2)
    colorize (0.7.7)
    consul_loader (1.0.0)
      rest-client
    cucumber (1.3.20)
      builder (>= 2.1.2)
      diff-lcs (>= 1.1.3)
      gherkin (~> 2.12)
      multi_json (>= 1.7.5, < 2.0)
      multi_test (>= 0.1.2)
    cucumber-rest-api (0.3)
      cucumber (>= 1.2.1)
      jsonpath (>= 0.1.2)
      nokogiri (>= 1.6.0)
      rspec (>= 2.12.0)
    diff-lcs (1.2.5)
    docker-api (1.28.0)
      excon (>= 0.38.0)
      json
    domain_name (0.5.20160310)
      unf (>= 0.0.5, < 1.0.0)
    excon (0.49.0)
    gherkin (2.12.2)
      multi_json (~> 1.3)
    http-cookie (1.0.2)
      domain_name (~> 0.5)
    json (1.8.3)
    jsonpath (0.5.8)
      multi_json
    mime-types (2.99.2)
    mini_portile2 (2.0.0)
    minke (1.4.0)
      colorize
      consul_loader (~> 1.0)
      cucumber
      docker-api
      multi_json
      rake (~> 10.0)
      rest-client (~> 1.8)
    minke-generator-go (0.5.0)
    multi_json (1.12.1)
    multi_test (0.1.2)
    netrc (0.11.0)
    nokogiri (1.6.7.2)
      mini_portile2 (~> 2.0.0.rc2)
    rake (10.5.0)
    rest-client (1.8.0)
      http-cookie (>= 1.0.2, < 2.0)
      mime-types (>= 1.16, < 3.0)
      netrc (~> 0.7)
    rspec (3.4.0)
      rspec-core (~> 3.4.0)
      rspec-expectations (~> 3.4.0)
      rspec-mocks (~> 3.4.0)
    rspec-core (3.4.4)
      rspec-support (~> 3.4.0)
    rspec-expectations (3.4.0)
      diff-lcs (>= 1.2.0, < 2.0)
      rspec-support (~> 3.4.0)
    rspec-mocks (3.4.1)
      diff-lcs (>= 1.2.0, < 2.0)
      rspec-support (~> 3.4.0)
    rspec-support (3.4.1)
    unf (0.1.4)
      unf_ext
    unf_ext (0.0.7.2)

PLATFORMS
  ruby

DEPENDENCIES
  cucumber (~> 1.3.10)
  cucumber-rest-api (= 0.3)
  docker-api
  minke
  minke-generator-go
  rake

BUNDLED WITH
   1.12.3
